PATH
  remote: .
  specs:
    attr_pouch (0.1.0)

GEM
  remote: https://rubygems.org/
  specs:
    diff-lcs (1.2.5)
    pg (0.18.3)
    rspec (3.1.0)
      rspec-core (~> 3.1.0)
      rspec-expectations (~> 3.1.0)
      rspec-mocks (~> 3.1.0)
    rspec-core (3.1.7)
      rspec-support (~> 3.1.0)
    rspec-expectations (3.1.2)
      diff-lcs (>= 1.2.0, < 2.0)
      rspec-support (~> 3.1.0)
    rspec-mocks (3.1.3)
      rspec-support (~> 3.1.0)
    rspec-support (3.1.2)
    sequel (4.13.0)

PLATFORMS
  ruby

DEPENDENCIES
  attr_pouch!
  pg (~> 0.18.3)
  rspec (~> 3.0)
  sequel (~> 4.13)

RUBY VERSION
   ruby 2.4.1p111

BUNDLED WITH
   1.14.6
